GEM
  remote: https://rubygems.org/
  specs:
    json (1.8.1)
    logger (1.2.8)
    vertica (0.11.1)

PLATFORMS
  ruby

DEPENDENCIES
  json (~> 1.8.1)
  logger
  vertica (~> 0.11.1)

BUNDLED WITH
   1.11.2
