GEM
  remote: https://rubygems.org/
  specs:
    json (1.8.1)
    vertica (0.11.1)

PLATFORMS
  ruby

DEPENDENCIES
  json (~> 1.8.1)
  vertica (~> 0.11.1)
